GEM
  remote: https://rubygems.org/
  specs:
    backports (3.23.0)
    builder (3.2.4)
    childprocess (3.0.0)
    cucumber (3.2.0)
      builder (>= 2.1.2)
      cucumber-core (~> 3.2.0)
      cucumber-expressions (~> 6.0.1)
      cucumber-wire (~> 0.0.1)
      diff-lcs (~> 1.3)
      gherkin (~> 5.1.0)
      multi_json (>= 1.7.5, < 2.0)
      multi_test (>= 0.1.2)
    cucumber-core (3.2.1)
      backports (>= 3.8.0)
      cucumber-tag_expressions (~> 1.1.0)
      gherkin (~> 5.0)
    cucumber-expressions (6.0.1)
    cucumber-tag_expressions (1.1.1)
    cucumber-wire (0.0.1)
    diff-lcs (1.5.0)
    gherkin (5.1.0)
    json (2.6.1)
    multi_json (1.15.0)
    multi_test (1.1.0)
    nokogiri (1.15.5-x86_64-darwin)
      racc (~> 1.4)
    racc (1.7.3)
    report_builder (1.8)
      json (>= 1.8.1)
    rubyzip (2.3.2)
    selenium-webdriver (3.142.7)
      childprocess (>= 0.5, < 4.0)
      rubyzip (>= 1.2.2)
    webdrivers (4.7.0)
      nokogiri (~> 1.6)
      rubyzip (>= 1.3.0)
      selenium-webdriver (> 3.141, < 5.0)

PLATFORMS
  x86_64-darwin-21

DEPENDENCIES
  cucumber (~> 3.1)
  report_builder
  selenium-webdriver (~> 3.142, >= 3.142.4)
  webdrivers (~> 4.0)

BUNDLED WITH
   2.4.22
